GEM
  remote: https://rubygems.org/
  specs:
    async (1.12.0)
      nio4r (~> 2.3)
      timers (~> 4.1)
    async-dns (1.2.0)
      async-io (~> 1.3)
    async-io (1.17.2)
      async (~> 1.3)
    nio4r (2.3.1)
    timers (4.2.0)

PLATFORMS
  ruby

DEPENDENCIES
  async-dns

BUNDLED WITH
   2.0.0
